GIT
  remote: https://github.com/arr2036/omnigollum.git
  revision: 4dfaf52af6175d09861d53ee3b4c98bdaf575039
  specs:
    omnigollum (0.1.0)
      gollum
      mustache
      omniauth

GIT
  remote: https://github.com/defunkt/mustache.git
  revision: 5fa960715c4122857478bd3808eb135bacf325d7
  specs:
    mustache (0.99.4)

GEM
  remote: https://rubygems.org/
  specs:
    backports (3.3.0)
    blankslate (3.1.2)
    diff-lcs (1.2.2)
    escape_utils (0.2.4)
    ffi (1.0.11)
    github-markdown (0.5.3)
    github-markup (0.7.5)
    gollum (2.2.1)
      escape_utils (= 0.2.4)
      github-markdown
      github-markup (>= 0.7.0, < 1.0.0)
      grit (~> 2.5.0)
      mustache (>= 0.11.2, < 1.0.0)
      nokogiri (~> 1.4)
      pygments.rb (~> 0.2.0)
      sanitize (~> 2.0.0)
      sinatra (~> 1.0)
      stringex (~> 1.4.0)
      useragent (~> 0.4.9)
    grit (2.5.0)
      diff-lcs (~> 1.1)
      mime-types (~> 1.15)
      posix-spawn (~> 0.3.6)
    hashie (1.2.0)
    mime-types (1.22)
    nokogiri (1.5.9)
    omniauth (1.1.3)
      hashie (~> 1.2)
      rack
    posix-spawn (0.3.6)
    pygments.rb (0.2.13)
      rubypython (~> 0.5.3)
    rack (1.1.0)
    rubypython (0.5.3)
      blankslate (>= 2.1.2.3)
      ffi (~> 1.0.7)
    sanitize (2.0.3)
      nokogiri (>= 1.4.4, < 1.6)
    sinatra (1.2.9)
      backports
      rack (~> 1.1, < 1.5)
      tilt (>= 1.2.2, < 2.0)
    stringex (1.4.0)
    tilt (1.3.6)
    useragent (0.4.16)

PLATFORMS
  ruby

DEPENDENCIES
  gollum
  mustache!
  omniauth
  omnigollum!
  rack (= 1.1.0)
