GIT
  remote: https://github.com/defunkt/mustache.git
  revision: 5fa960715c4122857478bd3808eb135bacf325d7
  specs:
    mustache (0.99.4)

GEM
  remote: https://rubygems.org/
  specs:
    charlock_holmes (0.6.9.4)
    diff-lcs (1.2.4)
    github-markdown (0.5.5)
    github-markup (0.7.5)
    gitlab-grit (2.6.0)
      charlock_holmes (~> 0.6.9)
      diff-lcs (~> 1.1)
      mime-types (~> 1.15)
      posix-spawn (~> 0.3.6)
    gollum (2.5.2)
      github-markdown (~> 0.5.5)
      gollum-lib (~> 1.0.9)
      mustache (>= 0.99.4, < 1.0.0)
      sinatra (~> 1.4.3)
      useragent (~> 0.8.2)
    gollum-lib (1.0.9)
      github-markup (>= 0.7.5, < 1.0.0)
      gitlab-grit (= 2.6.0)
      nokogiri (~> 1.6.0)
      pygments.rb (~> 0.5.2)
      sanitize (~> 2.0.6)
      stringex (~> 2.1.0)
    hashie (2.0.5)
    mime-types (1.25)
    mini_portile (0.5.2)
    nokogiri (1.6.0)
      mini_portile (~> 0.5.0)
    omniauth (1.1.4)
      hashie (>= 1.2, < 3)
      rack
    omnigollum (0.1.1)
      gollum
      mustache
      omniauth
    posix-spawn (0.3.6)
    pygments.rb (0.5.4)
      posix-spawn (~> 0.3.6)
      yajl-ruby (~> 1.1.0)
    rack (1.5.2)
    rack-protection (1.5.1)
      rack
    sanitize (2.0.6)
      nokogiri (>= 1.4.4)
    sinatra (1.4.4)
      rack (~> 1.4)
      rack-protection (~> 1.4)
      tilt (~> 1.3, >= 1.3.4)
    stringex (2.1.0)
    tilt (1.4.1)
    useragent (0.8.3)
    yajl-ruby (1.1.0)

PLATFORMS
  ruby

DEPENDENCIES
  gollum (= 2.5.2)
  mustache!
  omniauth
  omnigollum
