GIT
  remote: https://github.com/arr2036/omnigollum.git
  revision: 94928fc05058641abeeea87037086f94329dc7ba
  specs:
    omnigollum (0.1.1)
      gollum
      mustache
      omniauth

GIT
  remote: https://github.com/defunkt/mustache.git
  revision: 5fa960715c4122857478bd3808eb135bacf325d7
  specs:
    mustache (0.99.4)

GEM
  remote: https://rubygems.org/
  specs:
    backports (3.3.5)
    blankslate (3.1.2)
    diff-lcs (1.2.4)
    escape_utils (0.2.4)
    ffi (1.0.11)
    github-markdown (0.5.5)
    github-markup (0.7.5)
    gollum (2.2.1)
      escape_utils (= 0.2.4)
      github-markdown
      github-markup (>= 0.7.0, < 1.0.0)
      grit (~> 2.5.0)
      mustache (>= 0.11.2, < 1.0.0)
      nokogiri (~> 1.4)
      pygments.rb (~> 0.2.0)
      sanitize (~> 2.0.0)
      sinatra (~> 1.0)
      stringex (~> 1.4.0)
      useragent (~> 0.4.9)
    grit (2.5.0)
      diff-lcs (~> 1.1)
      mime-types (~> 1.15)
      posix-spawn (~> 0.3.6)
    hashie (2.0.5)
    mime-types (1.25)
    mini_portile (0.5.1)
    nokogiri (1.6.0)
      mini_portile (~> 0.5.0)
    omniauth (1.1.4)
      hashie (>= 1.2, < 3)
      rack
    posix-spawn (0.3.6)
    pygments.rb (0.2.13)
      rubypython (~> 0.5.3)
    rack (1.1.0)
    rubypython (0.5.3)
      blankslate (>= 2.1.2.3)
      ffi (~> 1.0.7)
    sanitize (2.0.6)
      nokogiri (>= 1.4.4)
    sinatra (1.2.9)
      backports
      rack (~> 1.1, < 1.5)
      tilt (>= 1.2.2, < 2.0)
    stringex (1.4.0)
    tilt (1.4.1)
    useragent (0.4.16)

PLATFORMS
  ruby

DEPENDENCIES
  gollum
  mustache!
  omniauth
  omnigollum!
  rack (= 1.1.0)
