GIT
  remote: https://github.com/defunkt/mustache.git
  revision: 1d3c7340f2d4182291db9ec36b0c2f374766a6b9
  specs:
    mustache (0.99.5)

GEM
  remote: https://rubygems.org/
  specs:
    charlock_holmes (0.7.3)
    diff-lcs (1.2.5)
    faraday (0.9.0)
      multipart-post (>= 1.2, < 3)
    github-markdown (0.6.5)
    github-markup (1.1.2)
      posix-spawn (~> 0.3.8)
    gitlab-grit (2.6.9)
      charlock_holmes (~> 0.6)
      diff-lcs (~> 1.1)
      mime-types (~> 1.15)
      posix-spawn (~> 0.3)
    gollum (3.0.0)
      github-markdown (~> 0.6.5)
      gollum-lib (~> 3.0)
      mustache (>= 0.99.5, < 1.0.0)
      sinatra (~> 1.4, >= 1.4.4)
      useragent (~> 0.10.0)
    gollum-lib (3.0.0)
      github-markup (~> 1.1.0)
      gitlab-grit (~> 2.6.5)
      nokogiri (~> 1.6.1)
      rouge (~> 1.3.3)
      sanitize (~> 2.1.0)
      stringex (~> 2.5.1)
    hashie (2.1.2)
    jwt (1.0.0)
    mime-types (1.25.1)
    mini_portile (0.6.0)
    multi_json (1.10.1)
    multi_xml (0.5.5)
    multipart-post (2.0.0)
    nokogiri (1.6.2.1)
      mini_portile (= 0.6.0)
    oauth2 (0.9.4)
      faraday (>= 0.8, < 0.10)
      jwt (~> 1.0)
      multi_json (~> 1.3)
      multi_xml (~> 0.5)
      rack (~> 1.2)
    omniauth (1.2.1)
      hashie (>= 1.2, < 3)
      rack (~> 1.0)
    omniauth-google-oauth2 (0.2.4)
      omniauth (~> 1.0)
      omniauth-oauth2 (~> 1.1)
    omniauth-oauth2 (1.1.2)
      faraday (>= 0.8, < 0.10)
      multi_json (~> 1.3)
      oauth2 (~> 0.9.3)
      omniauth (~> 1.2)
    omnigollum (0.1.3)
      gollum
      mustache (~> 0.99.5)
      omniauth
    posix-spawn (0.3.8)
    rack (1.5.2)
    rack-protection (1.5.3)
      rack
    rouge (1.3.4)
    sanitize (2.1.0)
      nokogiri (>= 1.4.4)
    sinatra (1.4.5)
      rack (~> 1.4)
      rack-protection (~> 1.4)
      tilt (~> 1.3, >= 1.3.4)
    stringex (2.5.2)
    tilt (1.4.1)
    useragent (0.10.0)

PLATFORMS
  ruby

DEPENDENCIES
  gollum
  mustache!
  omniauth
  omniauth-google-oauth2
  omnigollum
